GEM
  remote: https://rubygems.org/
  specs:
    nokogiri (1.13.8-x86_64-darwin)
      racc (~> 1.4)
    racc (1.6.0)
    roo (2.8.3)
      nokogiri (~> 1)
      rubyzip (>= 1.3.0, < 3.0.0)
    rubyzip (2.3.2)

PLATFORMS
  x86_64-darwin-19

DEPENDENCIES
  roo (~> 2.8.0)

BUNDLED WITH
   2.3.17
